GIT
  remote: https://github.com/DigitalNZ/supplejack_common.git
  revision: f4d10f0e740f6892e9e7d78856c876d4be72e34d
  specs:
    supplejack_common (0.0.2)
      actionpack (<= 4.1.4)
      activesupport (<= 4.1.4)
      chronic (<= 0.10.2)
      dimensions
      json (~> 1.7.7)
      jsonpath (~> 0.5.0)
      mimemagic
      mongoid (<= 4.0.0)
      nokogiri
      redis (~> 3)
      rest-client (~> 1.6.7)
      tzinfo

GIT
  remote: https://github.com/code4lib/ruby-oai.git
  revision: ebe92638c483813cd401c9588334d64ff46aae70
  ref: ebe92
  specs:
    oai (0.3.1)
      builder (>= 2.0.0)
      faraday
      faraday_middleware

GIT
  remote: https://github.com/plataformatec/simple_form.git
  revision: 602c634dd6f05e1f2a5548053e7059dc274bebef
  specs:
    simple_form (2.1.0.dev)
      actionpack (~> 3.0)
      activemodel (~> 3.0)

GIT
  remote: https://github.com/rails-api/active_model_serializers.git
  revision: 3e9b366a4531e6795b73b41e732f9db849874903
  specs:
    active_model_serializers (0.5.2)
      activemodel (>= 3.0)

GIT
  remote: https://github.com/rweng/jquery-datatables-rails.git
  revision: 494f752b8eb8350f33841c822a67d014c869219f
  specs:
    jquery-datatables-rails (1.11.2)
      jquery-rails

GEM
  remote: https://rubygems.org/
  specs:
    actionmailer (3.2.12)
      actionpack (= 3.2.12)
      mail (~> 2.4.4)
    actionpack (3.2.12)
      activemodel (= 3.2.12)
      activesupport (= 3.2.12)
      builder (~> 3.0.0)
      erubis (~> 2.7.0)
      journey (~> 1.0.4)
      rack (~> 1.4.5)
      rack-cache (~> 1.2)
      rack-test (~> 0.6.1)
      sprockets (~> 2.2.1)
    activemodel (3.2.12)
      activesupport (= 3.2.12)
      builder (~> 3.0.0)
    activerecord (3.2.12)
      activemodel (= 3.2.12)
      activesupport (= 3.2.12)
      arel (~> 3.0.2)
      tzinfo (~> 0.3.29)
    activeresource (3.2.12)
      activemodel (= 3.2.12)
      activesupport (= 3.2.12)
    activeresource-response (0.5.3)
      activeresource (>= 3.0)
    activesupport (3.2.12)
      i18n (~> 0.6)
      multi_json (~> 1.0)
    addressable (2.3.2)
    arel (3.0.2)
    bcrypt-ruby (3.0.1)
    better_errors (1.1.0)
      coderay (>= 1.0.0)
      erubis (>= 2.6.6)
    binding_of_caller (0.7.2)
      debug_inspector (>= 0.0.1)
    builder (3.0.4)
    cancancan (1.8.1)
    capybara (2.0.1)
      mime-types (>= 1.16)
      nokogiri (>= 1.3.3)
      rack (>= 1.0.0)
      rack-test (>= 0.5.4)
      selenium-webdriver (~> 2.0)
      xpath (~> 1.0.0)
    childprocess (0.3.6)
      ffi (~> 1.0, >= 1.0.6)
    chronic (0.10.2)
    chronic_duration (0.9.6)
      numerizer (~> 0.1.1)
    chunky_png (1.2.8)
    coderay (1.0.9)
    coffee-rails (3.2.2)
      coffee-script (>= 2.2.0)
      railties (~> 3.2.0)
    coffee-script (2.2.0)
      coffee-script-source
      execjs
    coffee-script-source (1.4.0)
    compass (0.12.2)
      chunky_png (~> 1.2)
      fssm (>= 0.2.7)
      sass (~> 3.1)
    compass-rails (1.0.3)
      compass (>= 0.12.2, < 0.14)
    crack (0.3.2)
    cucumber (1.2.1)
      builder (>= 2.1.2)
      diff-lcs (>= 1.1.3)
      gherkin (~> 2.11.0)
      json (>= 1.4.6)
    cucumber-rails (1.3.0)
      capybara (>= 1.1.2)
      cucumber (>= 1.1.8)
      nokogiri (>= 1.5.0)
    database_cleaner (0.9.1)
    debug_inspector (0.0.2)
    devise (2.1.2)
      bcrypt-ruby (~> 3.0)
      orm_adapter (~> 0.1)
      railties (~> 3.1)
      warden (~> 1.2.1)
    diff-lcs (1.1.3)
    dimensions (1.3.0)
    docile (1.1.5)
    erubis (2.7.0)
    execjs (1.4.0)
      multi_json (~> 1.0)
    factory_girl (4.1.0)
      activesupport (>= 3.0.0)
    factory_girl_rails (4.1.0)
      factory_girl (~> 4.1.0)
      railties (>= 3.0.0)
    faraday (0.9.1)
      multipart-post (>= 1.2, < 3)
    faraday_middleware (0.9.1)
      faraday (>= 0.7.4, < 0.10)
    ffi (1.2.0)
    figaro (0.7.0)
      bundler (~> 1.0)
      rails (>= 3, < 5)
    fssm (0.2.10)
    gherkin (2.11.5)
      json (>= 1.4.6)
    guard (1.6.1)
      listen (>= 0.6.0)
      lumberjack (>= 1.0.2)
      pry (>= 0.9.10)
      thor (>= 0.14.6)
    guard-rspec (2.4.0)
      guard (>= 1.1)
      rspec (~> 2.11)
    hike (1.2.3)
    honeybadger (1.5.0)
      activesupport
      json
    i18n (0.6.11)
    journey (1.0.4)
    jquery-rails (2.1.4)
      railties (>= 3.0, < 5.0)
      thor (>= 0.14, < 2.0)
    jquery-ui-rails (3.0.1)
      jquery-rails
      railties (>= 3.1.0)
    json (1.7.7)
    jsonpath (0.5.6)
      multi_json
    kaminari (0.14.1)
      actionpack (>= 3.0.0)
      activesupport (>= 3.0.0)
    kgio (2.8.0)
    launchy (2.1.2)
      addressable (~> 2.3)
    libv8 (3.16.14.7)
    libwebsocket (0.1.7.1)
      addressable
      websocket
    listen (0.7.2)
    lumberjack (1.0.2)
    mail (2.4.4)
      i18n (>= 0.4.0)
      mime-types (~> 1.16)
      treetop (~> 1.4.8)
    method_source (0.8.1)
    mime-types (1.25.1)
    mimemagic (0.2.1)
    mini_portile (0.6.0)
    modular-scale (1.0.6)
      compass (>= 0.12.1)
      sass (>= 3.2.0)
      sassy-math (>= 1.5)
    mongoid (3.1.6)
      activemodel (~> 3.2)
      moped (~> 1.4)
      origin (~> 1.0)
      tzinfo (~> 0.3.29)
    moped (1.5.2)
    multi_json (1.10.1)
    multipart-post (2.0.0)
    nokogiri (1.6.3.1)
      mini_portile (= 0.6.0)
    numerizer (0.1.1)
    origin (1.1.0)
    orm_adapter (0.4.0)
    polyglot (0.3.3)
    pry (0.9.11.4)
      coderay (~> 1.0.5)
      method_source (~> 0.8)
      slop (~> 3.4)
    pry-rails (0.2.2)
      pry (>= 0.9.10)
    quiet_assets (1.0.1)
      railties (~> 3.1)
    rack (1.4.5)
    rack-cache (1.2)
      rack (>= 0.4)
    rack-ssl (1.3.3)
      rack
    rack-test (0.6.2)
      rack (>= 1.0)
    rails (3.2.12)
      actionmailer (= 3.2.12)
      actionpack (= 3.2.12)
      activerecord (= 3.2.12)
      activeresource (= 3.2.12)
      activesupport (= 3.2.12)
      bundler (~> 1.0)
      railties (= 3.2.12)
    railties (3.2.12)
      actionpack (= 3.2.12)
      activesupport (= 3.2.12)
      rack-ssl (~> 1.3.2)
      rake (>= 0.8.7)
      rdoc (~> 3.4)
      thor (>= 0.14.6, < 2.0)
    raindrops (0.11.0)
    rake (10.0.4)
    rb-fsevent (0.9.2)
    rdoc (3.12.2)
      json (~> 1.4)
    redis (3.1.0)
    ref (1.0.5)
    rest-client (1.6.8)
      mime-types (~> 1.16)
      rdoc (>= 2.4.2)
    rspec (2.12.0)
      rspec-core (~> 2.12.0)
      rspec-expectations (~> 2.12.0)
      rspec-mocks (~> 2.12.0)
    rspec-core (2.12.2)
    rspec-expectations (2.12.1)
      diff-lcs (~> 1.1.3)
    rspec-mocks (2.12.1)
    rspec-rails (2.12.2)
      actionpack (>= 3.0)
      activesupport (>= 3.0)
      railties (>= 3.0)
      rspec-core (~> 2.12.0)
      rspec-expectations (~> 2.12.0)
      rspec-mocks (~> 2.12.0)
    rubyzip (0.9.9)
    sass (3.2.9)
    sass-rails (3.2.5)
      railties (~> 3.2.0)
      sass (>= 3.1.10)
      tilt (~> 1.3)
    sassy-math (1.5)
      compass (~> 0.11)
    selenium-webdriver (2.27.2)
      childprocess (>= 0.2.5)
      libwebsocket (~> 0.1.3)
      multi_json (~> 1.0)
      rubyzip
    simplecov (0.9.2)
      docile (~> 1.1.0)
      multi_json (~> 1.0)
      simplecov-html (~> 0.9.0)
    simplecov-html (0.9.0)
    slop (3.4.3)
    sprockets (2.2.2)
      hike (~> 1.2)
      multi_json (~> 1.0)
      rack (~> 1.0)
      tilt (~> 1.1, != 1.3.0)
    therubyracer (0.12.1)
      libv8 (~> 3.16.14.0)
      ref
    thor (0.17.0)
    tilt (1.4.1)
    timecop (0.5.2)
    treetop (1.4.12)
      polyglot
      polyglot (>= 0.3.1)
    tzinfo (0.3.41)
    uglifier (1.3.0)
      execjs (>= 0.3.0)
      multi_json (~> 1.0, >= 1.0.2)
    unicorn (4.6.2)
      kgio (~> 2.6)
      rack
      raindrops (~> 0.7)
    unicorn-rails (1.0.1)
      rack
      unicorn
    vcr (2.9.2)
    warden (1.2.1)
      rack (>= 1.0)
    webmock (1.8.11)
      addressable (>= 2.2.7)
      crack (>= 0.1.7)
    websocket (1.0.4)
    xpath (1.0.0)
      nokogiri (~> 1.3)
    zurb-foundation (3.2.5)
      compass (>= 0.12.2)
      modular-scale (= 1.0.6)
      rake
      sass (>= 3.2.0)

PLATFORMS
  ruby

DEPENDENCIES
  active_model_serializers!
  activeresource
  activeresource-response
  better_errors (>= 0.2.0)
  binding_of_caller (>= 0.6.8)
  cancancan
  capybara (>= 2.0.1)
  chronic_duration
  coderay (~> 1.0.8)
  coffee-rails (~> 3.2.1)
  compass-rails (>= 1.0.3)
  cucumber-rails (>= 1.3.0)
  database_cleaner (>= 0.9.1)
  devise (>= 2.1.2)
  factory_girl_rails (>= 4.1.0)
  figaro (>= 0.7.0)
  guard-rspec
  honeybadger
  jquery-datatables-rails!
  jquery-rails
  jquery-ui-rails
  kaminari
  launchy (>= 2.1.2)
  mongoid
  oai!
  pry-rails
  quiet_assets (>= 1.0.1)
  rails (= 3.2.12)
  rb-fsevent (~> 0.9.1)
  rspec-rails (>= 2.12.2)
  sass-rails (~> 3.2.3)
  simple_form!
  simplecov
  supplejack_common!
  therubyracer
  timecop
  uglifier (>= 1.0.3)
  unicorn-rails
  vcr
  webmock
  zurb-foundation (= 3.2.5)

BUNDLED WITH
   1.11.0
